RESTRICTION: >= net462
NUGET
  remote: https://api.nuget.org/v3/index.json
    Castle.Core (4.1.1) - redirects: on
    Fody (1.29.4) - content: once
    Moq (4.7.63)
      Castle.Core (>= 4.1)
    msdn.4.5.2 (0.1.0-alpha-1611021200)
    PropertyChanged.Fody (1.52.1) - copy_local: false
      Fody (>= 1.29.2 < 2.0)
  remote: http://api.nuget.org/v3/index.json
    FluentAssertions (4.14)
    NUnit (3.4.1)
    SemVer.Git.MSBuild (1.1) - content: once
