FRAMEWORK: >= NET462
NUGET
  remote: http://api.nuget.org/v3/index.json
    FluentAssertions (4.14)
    NUnit (3.4.1)
