RESTRICTION: >= net462
NUGET
  remote: https://api.nuget.org/v3/index.json
    Castle.Core (4.1.1) - redirects: on
    Fody (1.29.4) - content: once
    Microsoft.Extensions.DependencyInjection.Abstractions (1.1.1)
      NETStandard.Library (>= 1.6.1)
      System.ComponentModel (>= 4.3)
    Microsoft.Extensions.Logging (1.1.2)
      Microsoft.Extensions.DependencyInjection.Abstractions (>= 1.1.1)
      Microsoft.Extensions.Logging.Abstractions (>= 1.1.2)
      NETStandard.Library (>= 1.6.1)
    Microsoft.Extensions.Logging.Abstractions (1.1.2)
      NETStandard.Library (>= 1.6.1)
    Microsoft.NETCore.Platforms (2.0)
    Moq (4.7.63)
      Castle.Core (>= 4.1)
    msdn.4.5.2 (0.1.0-alpha-1611021200)
    NETStandard.Library (2.0)
      Microsoft.NETCore.Platforms (>= 1.1)
    PropertyChanged.Fody (1.52.1) - copy_local: false
      Fody (>= 1.29.2 < 2.0)
    System.ComponentModel (4.3)
  remote: http://api.nuget.org/v3/index.json
    FluentAssertions (4.14)
    NUnit (3.4.1)
    SemVer.Git.MSBuild (1.1) - content: once
